GEM
  remote: https://rubygems.org/
  specs:
    actionpack (4.1.1)
      actionview (= 4.1.1)
      activesupport (= 4.1.1)
      rack (~> 1.5.2)
      rack-test (~> 0.6.2)
    actionview (4.1.1)
      activesupport (= 4.1.1)
      builder (~> 3.1)
      erubis (~> 2.7.0)
    activesupport (4.1.1)
      i18n (~> 0.6, >= 0.6.9)
      json (~> 1.7, >= 1.7.7)
      minitest (~> 5.1)
      thread_safe (~> 0.1)
      tzinfo (~> 1.1)
<<<<<<< HEAD
    amatch (0.3.0)
      tins (~> 1.0)
    bcrypt (3.1.7)
=======
>>>>>>> parent of cdb6808... Add deploy key permission using bcrypt.
    builder (3.2.2)
    erubis (2.7.0)
    i18n (0.6.9)
    json (1.8.1)
    mini_portile (0.6.0)
    minitest (5.3.4)
    nokogiri (1.6.2.1)
      mini_portile (= 0.6.0)
    rack (1.5.2)
    rack-test (0.6.2)
      rack (>= 1.0)
    rake (10.3.2)
    redcarpet (3.1.2)
    thread_safe (0.3.3)
    tins (1.3.0)
    tzinfo (1.1.0)
      thread_safe (~> 0.1)
    w3c_validators (1.2)
      json
      nokogiri

PLATFORMS
  ruby

DEPENDENCIES
  actionpack
  activesupport
<<<<<<< HEAD
  amatch
  bcrypt
=======
>>>>>>> parent of cdb6808... Add deploy key permission using bcrypt.
  rake
  redcarpet
  w3c_validators
